PATH
  remote: .
  specs:
    flickpaper (0.0.4)
      flickraw

GEM
  remote: https://rubygems.org/
  specs:
    flickraw (0.9.8)
    rake (10.4.2)

PLATFORMS
  ruby

DEPENDENCIES
  bundler (~> 1.7)
  flickpaper!
  rake (~> 10.0)
