PATH
  remote: .
  specs:
    flickpaper (0.0.5)
      flickraw

GEM
  remote: https://rubygems.org/
  specs:
    flickraw (0.9.9)
    rake (10.4.2)

PLATFORMS
  ruby

DEPENDENCIES
  bundler (~> 1.7)
  flickpaper!
  rake (~> 10.0)

BUNDLED WITH
   1.11.2
